PATH
  remote: .
  specs:
    gazer (0.2.17)
      looker-sdk (~> 0.0.6)
      netrc (~> 0.11.0)
      pastel (~> 0.7.2)
      thor (~> 0.20.0)
      tty-reader (~> 0.3.0)
      tty-table (~> 0.10.0)
      tty-tree (~> 0.1.0)

GEM
  remote: https://rubygems.org/
  specs:
    addressable (2.6.0)
      public_suffix (>= 2.0.2, < 4.0)
    diff-lcs (1.3)
    equatable (0.5.0)
    faraday (0.15.4)
      multipart-post (>= 1.2, < 3)
    kramdown (1.16.2)
    looker-sdk (0.0.6)
      faraday (>= 0.9.0, < 1.0)
      sawyer (~> 0.8)
    multipart-post (2.1.1)
    necromancer (0.4.0)
    netrc (0.11.0)
    pastel (0.7.2)
      equatable (~> 0.5.0)
      tty-color (~> 0.4.0)
    public_suffix (3.1.0)
    rake (10.5.0)
    rouge (3.1.1)
    rspec (3.8.0)
      rspec-core (~> 3.8.0)
      rspec-expectations (~> 3.8.0)
      rspec-mocks (~> 3.8.0)
    rspec-core (3.8.0)
      rspec-support (~> 3.8.0)
    rspec-expectations (3.8.3)
      diff-lcs (>= 1.2.0, < 2.0)
      rspec-support (~> 3.8.0)
    rspec-mocks (3.8.0)
      diff-lcs (>= 1.2.0, < 2.0)
      rspec-support (~> 3.8.0)
    rspec-support (3.8.0)
    sawyer (0.8.2)
      addressable (>= 2.3.5)
      faraday (> 0.8, < 2.0)
    strings (0.1.5)
      strings-ansi (~> 0.1)
      unicode-display_width (~> 1.5)
      unicode_utils (~> 1.4)
    strings-ansi (0.1.0)
    thor (0.20.3)
    timers (4.3.0)
    tty (0.8.1)
      bundler (~> 1.16, < 2.0)
      equatable (~> 0.5.0)
      pastel (~> 0.7.2)
      thor (~> 0.20.0)
      tty-color (~> 0.4.2)
      tty-command (~> 0.8.0)
      tty-config (~> 0.2.0)
      tty-cursor (~> 0.5.0)
      tty-editor (~> 0.4.0)
      tty-file (~> 0.6.0)
      tty-font (~> 0.2.0)
      tty-markdown (~> 0.4.0)
      tty-pager (~> 0.11.0)
      tty-platform (~> 0.1.0)
      tty-progressbar (~> 0.15.0)
      tty-prompt (~> 0.16.1)
      tty-screen (~> 0.6.4)
      tty-spinner (~> 0.8.0)
      tty-table (~> 0.10.0)
      tty-tree (~> 0.1.0)
      tty-which (~> 0.3.0)
    tty-color (0.4.3)
    tty-command (0.8.2)
      pastel (~> 0.7.0)
    tty-config (0.2.0)
    tty-cursor (0.5.0)
    tty-editor (0.4.0)
      tty-prompt (~> 0.16.0)
      tty-which (~> 0.3.0)
    tty-file (0.6.0)
      diff-lcs (~> 1.3.0)
      pastel (~> 0.7.2)
      tty-prompt (~> 0.16.1)
    tty-font (0.2.0)
    tty-markdown (0.4.0)
      kramdown (~> 1.16.2)
      pastel (~> 0.7.2)
      rouge (~> 3.1.0)
      strings (~> 0.1.0)
      tty-color (~> 0.4.2)
      tty-screen (~> 0.6.4)
    tty-pager (0.11.0)
      strings (~> 0.1.0)
      tty-screen (~> 0.6.4)
      tty-which (~> 0.3.0)
    tty-platform (0.1.0)
    tty-progressbar (0.15.1)
      tty-cursor (~> 0.5.0)
      tty-screen (~> 0.6.4)
      unicode-display_width (~> 1.3)
    tty-prompt (0.16.1)
      necromancer (~> 0.4.0)
      pastel (~> 0.7.0)
      timers (~> 4.0)
      tty-cursor (~> 0.5.0)
      tty-reader (~> 0.3.0)
    tty-reader (0.3.0)
      tty-cursor (~> 0.5.0)
      tty-screen (~> 0.6.4)
      wisper (~> 2.0.0)
    tty-screen (0.6.5)
    tty-spinner (0.8.0)
      tty-cursor (>= 0.5.0)
    tty-table (0.10.0)
      equatable (~> 0.5.0)
      necromancer (~> 0.4.0)
      pastel (~> 0.7.2)
      strings (~> 0.1.0)
      tty-screen (~> 0.6.4)
    tty-tree (0.1.0)
    tty-which (0.3.0)
    unicode-display_width (1.5.0)
    unicode_utils (1.4.0)
    wisper (2.0.0)

PLATFORMS
  ruby

DEPENDENCIES
  bundler (~> 1.16)
  gazer!
  rake (~> 10.0)
  rspec (~> 3.0)
  tty (~> 0.8)

RUBY VERSION
   ruby 2.3.3p222

BUNDLED WITH
   1.16.6
